PATH
  remote: .
  specs:
    anz_bank_client (0.1.0)
      faraday (~> 2.7)
      faraday-cookie_jar (~> 0.0.7)
      faraday-follow_redirects (~> 0.3.0)

GEM
  remote: https://rubygems.org/
  specs:
    ast (2.4.2)
    base64 (0.2.0)
    domain_name (0.5.20190701)
      unf (>= 0.0.5, < 1.0.0)
    dotenv (2.8.1)
    faraday (2.7.11)
      base64
      faraday-net_http (>= 2.0, < 3.1)
      ruby2_keywords (>= 0.0.4)
    faraday-cookie_jar (0.0.7)
      faraday (>= 0.8.0)
      http-cookie (~> 1.0.0)
    faraday-follow_redirects (0.3.0)
      faraday (>= 1, < 3)
    faraday-net_http (3.0.2)
    http-cookie (1.0.5)
      domain_name (~> 0.5)
    minitest (5.20.0)
    parallel (1.23.0)
    parser (3.2.2.4)
      ast (~> 2.4.1)
      racc
    racc (1.7.3)
    rainbow (3.1.1)
    rake (13.1.0)
    regexp_parser (2.8.2)
    rexml (3.2.6)
    rubocop (1.4.2)
      parallel (~> 1.10)
      parser (>= 2.7.1.5)
      rainbow (>= 2.2.2, < 4.0)
      regexp_parser (>= 1.8)
      rexml
      rubocop-ast (>= 1.1.1)
      ruby-progressbar (~> 1.7)
      unicode-display_width (>= 1.4.0, < 2.0)
    rubocop-ast (1.30.0)
      parser (>= 3.2.1.0)
    ruby-progressbar (1.13.0)
    ruby2_keywords (0.0.5)
    table_print (1.5.7)
    thor (1.3.0)
    unf (0.1.4)
      unf_ext
    unf_ext (0.0.8.2)
    unicode-display_width (1.8.0)

PLATFORMS
  x86_64-linux

DEPENDENCIES
  anz_bank_client!
  dotenv
  minitest (~> 5.0)
  rake (~> 13.0)
  rubocop (~> 1.4.0)
  table_print
  thor

BUNDLED WITH
   2.2.3
